GEM
  remote: https://rubygems.org/
  specs:
    coderay (1.1.2)
    crass (1.0.3)
    guess_html_encoding (0.0.11)
    method_source (0.8.2)
    mini_portile2 (2.3.0)
    nokogiri (1.8.2)
      mini_portile2 (~> 2.3.0)
    nokogumbo (1.5.0)
      nokogiri
    pry (0.10.4)
      coderay (~> 1.1.0)
      method_source (~> 0.8.1)
      slop (~> 3.4)
    ruby-readability (0.7.0)
      guess_html_encoding (>= 0.0.4)
      nokogiri (>= 1.6.0)
    sanitize (4.6.4)
      crass (~> 1.0.2)
      nokogiri (>= 1.4.4)
      nokogumbo (~> 1.4)
    slop (3.6.0)

PLATFORMS
  ruby

DEPENDENCIES
  pry
  ruby-readability
  sanitize

BUNDLED WITH
   1.14.3
